GEM
  remote: https://rubygems.org/
  specs:
    curb (0.8.5)
    micro-optparse (1.2.0)

PLATFORMS
  ruby

DEPENDENCIES
  curb (~> 0.8.5)
  micro-optparse (~> 1.2.0)
